PATH
  remote: .
  specs:
    from_git (0.1.0)

GEM
  remote: https://rubygems.org/
  specs:
    rake (10.1.0)

PLATFORMS
  ruby

DEPENDENCIES
  bundler (~> 1.3)
  from_git!
  rake
